NUGET
  remote: https://nuget.org/api/v2
  specs:
    FAKE (4.5.4)
    FSharp.Compiler.Service (0.0.90)
    FSharp.Formatting (2.11.0)
      FSharp.Compiler.Service (>= 0.0.90 <= 1.3)
      FSharpVSPowerTools.Core (1.9.0)
    FSharpVSPowerTools.Core (1.9.0)
      FSharp.Compiler.Service (>= 0.0.90)
    Microsoft.Bcl (1.1.10)
      Microsoft.Bcl.Build (>= 1.0.14)
    Microsoft.Bcl.Build (1.0.21) - import_targets: false
    Microsoft.Net.Http (2.2.29)
      Microsoft.Bcl (>= 1.1.10)
      Microsoft.Bcl.Build (>= 1.0.14)
    Newtonsoft.Json (7.0.1)
    NUnit (2.6.4)
    NUnit.Runners (2.6.4)
    Octokit (0.16.0)
      Microsoft.Net.Http
    SourceLink.Fake (1.1.0)
    Substance (0.0.10-beta)
    Substance.Collections (0.0.10-beta)
      Substance (>= 0.0.10-beta)
    Substance.Collections.Generic (0.0.10-beta)
      Substance (>= 0.0.10-beta)
      Substance.Collections (>= 0.0.10-beta)
    Substance.Collections.Immutable (0.0.10-beta)
      Substance (>= 0.0.10-beta)
      Substance.Collections (>= 0.0.10-beta)
      Substance.Collections.Generic (>= 0.0.10-beta)
GITHUB
  remote: wooga/FAKE
  specs:
    modules/Octokit/Octokit.fsx (802b9164c721dce5830bc4ccc3d8b0cb318eaeff)
      Octokit