NUGET
  remote: https://www.nuget.org/api/v2
  specs:
    Newtonsoft.Json (7.0.1)
    NUnit (2.6.4)
    NUnit.Runners (2.6.4)
    Substance (0.0.10-beta)
    Substance.Collections (0.0.10-beta)
      Substance (>= 0.0.10-beta)
    Substance.Collections.Generic (0.0.10-beta)
      Substance (>= 0.0.10-beta)
      Substance.Collections (>= 0.0.10-beta)
    Substance.Collections.Immutable (0.0.10-beta)
      Substance (>= 0.0.10-beta)
      Substance.Collections (>= 0.0.10-beta)
      Substance.Collections.Generic (>= 0.0.10-beta)
