NUGET
  remote: https://nuget.org/api/v2
  specs:
    FAKE (4.0.1)
    FSharp.Compiler.Service (1.3.1.0)
    FSharp.Formatting (2.9.10)
      FSharp.Compiler.Service (>= 0.0.87)
      FSharpVSPowerTools.Core (1.8.0)
    FSharpVSPowerTools.Core (1.8.0)
      FSharp.Compiler.Service (>= 0.0.87)
    Microsoft.Bcl (1.1.10)
      Microsoft.Bcl.Build (>= 1.0.14)
    Microsoft.Bcl.Build (1.0.21)
    Microsoft.Net.Http (2.2.29)
      Microsoft.Bcl (>= 1.1.10)
      Microsoft.Bcl.Build (>= 1.0.14)
    Newtonsoft.Json (7.0.1)
    NUnit (2.6.4)
    NUnit.Runners (2.6.4)
    Octokit (0.14.0)
      Microsoft.Net.Http
    SourceLink.Fake (1.0.0)
    Wooga.Lambda.Logging.Unity3D.Source (0.6.2)
      Wooga.Lambda.Unity3D.Source
    Wooga.Lambda.Network.Unity3D.Source (0.6.2)
      Wooga.Lambda.Unity3D.Source
    Wooga.Lambda.Parser.Unity3D.Source (0.6.2)
    Wooga.Lambda.Storage.Unity3D.Source (0.6.2)
      Wooga.Lambda.Unity3D.Source
    Wooga.Lambda.Unity3D.Source (0.6.2)
GITHUB
  remote: fsharp/FAKE
  specs:
    modules/Octokit/Octokit.fsx (8e9dd3709bc851bc9474a2ab9024c3d5a698beec)
      Octokit